NUGET
  remote: https://www.nuget.org/api/v2
    FAKE (4.29.2)
    FParsec (1.0.2)
    NUnit (2.6.4)
    NUnit.Runners (2.6.4)
    Unquote (3.1.1)
