NUGET
  remote: https://www.nuget.org/api/v2
    FAKE (4.29.2)
    NUnit (3.4)
    Unquote (3.1.1)
